GEM
  remote: https://rubygems.org/
  specs:
    activesupport (7.0.2.4)
      concurrent-ruby (~> 1.0, >= 1.0.2)
      i18n (>= 1.6, < 2)
      minitest (>= 5.1)
      tzinfo (~> 2.0)
    concurrent-ruby (1.1.10)
    i18n (1.10.0)
      concurrent-ruby (~> 1.0)
    matrix (0.4.2)
    memory_record (0.0.19)
      activesupport
    minitest (5.15.0)
    ruby-sdl2 (0.3.5)
    table_format (0.0.10)
      activesupport
    tzinfo (2.0.4)
      concurrent-ruby (~> 1.0)

PLATFORMS
  x86_64-darwin-17
  x86_64-darwin-20

DEPENDENCIES
  matrix
  memory_record
  ruby-sdl2
  table_format

BUNDLED WITH
   2.3.12
