GEM
  remote: https://rubygems.org/
  specs:
    rsdl (0.1.5)
    ruby-sdl2 (0.3.5)
    rubysdl (2.2.0)

PLATFORMS
  x86_64-darwin-20
  x86_64-darwin-21

DEPENDENCIES
  rsdl
  ruby-sdl2
  rubysdl

BUNDLED WITH
   2.3.12
